GIT
  remote: https://github.com/sue445/onkcop
  revision: d09f75a5eeb1969800cca160f653325771590fae
  branch: develop
  specs:
    onkcop (0.53.0.3)
      rubocop (>= 0.53.0)
      rubocop-rspec (>= 1.34.0)

GEM
  remote: https://rubygems.org/
  specs:
    activesupport (6.0.3.4)
      concurrent-ruby (~> 1.0, >= 1.0.2)
      i18n (>= 0.7, < 2)
      minitest (~> 5.1)
      tzinfo (~> 1.1)
      zeitwerk (~> 2.2, >= 2.2.2)
    ast (2.4.1)
    backports (3.18.2)
    concurrent-ruby (1.1.7)
    foreman (0.87.2)
    hashie (4.1.0)
    holiday_jp (0.7.1)
    i18n (1.8.5)
      concurrent-ruby (~> 1.0)
    icalendar (2.7.0)
      ice_cube (~> 0.16)
    ice_cube (0.16.3)
    minitest (5.14.2)
    multi_json (1.15.0)
    mustermann (1.1.1)
      ruby2_keywords (~> 0.0.1)
    nio4r (2.5.4)
    parallel (1.19.2)
    parser (2.7.2.0)
      ast (~> 2.4.1)
    power_assert (1.2.0)
    puma (4.3.6)
      nio4r (~> 2.0)
    puma-heroku (1.1.0)
      puma (>= 3.0, < 5.0)
    rack (2.2.3)
    rack-protection (2.0.5)
      rack
    rack-test (1.1.0)
      rack (>= 1.0, < 3)
    rainbow (3.0.0)
    rake (13.0.1)
    regexp_parser (1.8.2)
    rexml (3.2.4)
    rollbar (3.0.1)
    rubicure (1.3.5)
      activesupport (>= 5.0.0)
      hashie (>= 2.0.5)
      sengiri_yaml (>= 0.0.2)
    rubocop (1.1.0)
      parallel (~> 1.10)
      parser (>= 2.7.1.5)
      rainbow (>= 2.2.2, < 4.0)
      regexp_parser (>= 1.8)
      rexml
      rubocop-ast (>= 1.0.1)
      ruby-progressbar (~> 1.7)
      unicode-display_width (>= 1.4.0, < 2.0)
    rubocop-ast (1.1.1)
      parser (>= 2.7.1.5)
    rubocop-performance (1.8.1)
      rubocop (>= 0.87.0)
      rubocop-ast (>= 0.4.0)
    rubocop-rspec (1.42.0)
      rubocop (>= 0.87.0)
    ruby-progressbar (1.10.1)
    ruby2_keywords (0.0.2)
    sengiri_yaml (0.0.3)
    sinatra (2.0.5)
      mustermann (~> 1.0)
      rack (~> 2.0)
      rack-protection (= 2.0.5)
      tilt (~> 2.0)
    sinatra-contrib (2.0.5)
      backports (>= 2.8.2)
      multi_json
      mustermann (~> 1.0)
      rack-protection (= 2.0.5)
      sinatra (= 2.0.5)
      tilt (>= 1.3, < 3)
    slim (4.1.0)
      temple (>= 0.7.6, < 0.9)
      tilt (>= 2.0.6, < 2.1)
    temple (0.8.2)
    test-unit (3.3.6)
      power_assert
    thread_safe (0.3.6)
    tilt (2.0.10)
    timecop (0.9.2)
    tzinfo (1.2.7)
      thread_safe (~> 0.1)
    unicode-display_width (1.7.0)
    zeitwerk (2.4.1)

PLATFORMS
  ruby

DEPENDENCIES
  activesupport
  foreman
  holiday_jp
  icalendar
  onkcop!
  puma
  puma-heroku
  rack-test
  rake
  rollbar
  rubicure
  rubocop-performance
  sinatra
  sinatra-contrib
  slim
  test-unit
  timecop

RUBY VERSION
   ruby 2.6.5p114

BUNDLED WITH
   1.17.2
